GEM
  remote: https://rubygems.org/
  specs:
    CFPropertyList (2.3.5)
    claide (1.0.1)
    clamp (0.6.5)
    colored2 (3.1.2)
    colorize (0.8.1)
    equatable (0.5.0)
    ffi (1.12.2)
    nanaimo (0.2.3)
    pastel (0.7.1)
      equatable (~> 0.5.0)
      tty-color (~> 0.4.0)
    rouge (1.11.1)
    synx (0.2.1)
      clamp (~> 0.6)
      colorize (~> 0.7)
      xcodeproj (~> 1.0)
    sys-proctable (1.1.4-universal-darwin)
      ffi
    tty-color (0.4.2)
    tty-command (0.4.0)
      pastel (~> 0.7.0)
    xcodeproj (1.4.4)
      CFPropertyList (~> 2.3.3)
      claide (>= 1.0.1, < 2.0)
      colored2 (~> 3.1)
      nanaimo (~> 0.2.3)
    xcpretty (0.2.4)
      rouge (~> 1.8)

PLATFORMS
  ruby
  x86_64-darwin-16

DEPENDENCIES
  synx
  sys-proctable
  tty-command
  xcpretty

BUNDLED WITH
   1.14.6
